GEM
  remote: https://rubygems.org/
  specs:
    apigen (0.0.6)

PLATFORMS
  ruby

DEPENDENCIES
  apigen

BUNDLED WITH
   1.16.1
